GEM
  remote: http://rubygems.org/
  specs:
    bcrypt-ruby (3.0.1)
    coderay (1.0.6)
    diff-lcs (1.1.3)
    haml (3.1.4)
    method_source (0.7.1)
    pry (0.9.9.4)
      coderay (~> 1.0.5)
      method_source (~> 0.7.1)
      slop (>= 2.4.4, < 3)
    r18n-core (1.0.1)
    rack (1.4.1)
    rack-protection (1.2.0)
      rack
    rspec (2.9.0)
      rspec-core (~> 2.9.0)
      rspec-expectations (~> 2.9.0)
      rspec-mocks (~> 2.9.0)
    rspec-core (2.9.0)
    rspec-expectations (2.9.1)
      diff-lcs (~> 1.1.3)
    rspec-mocks (2.9.0)
    sinatra (1.3.2)
      rack (~> 1.3, >= 1.3.6)
      rack-protection (~> 1.2)
      tilt (~> 1.3, >= 1.3.3)
    sinatra-flash (0.3.0)
      sinatra (>= 1.0.0)
    sinatra-r18n (1.0.1)
      r18n-core (= 1.0.1)
      sinatra (>= 1.3)
    sinatra-session (1.0.0)
      sinatra (>= 1.0)
    slop (2.4.4)
    the-blob (0.0.1)
    tilt (1.3.3)

PLATFORMS
  ruby

DEPENDENCIES
  bcrypt-ruby
  haml
  pry
  rspec
  sinatra
  sinatra-flash
  sinatra-r18n
  sinatra-session
  the-blob
